PATH
  remote: ~/Desktop/Layer/open-source/Rome
  specs:
    cocoapods-rome (0.2.0)
      cocoapods (>= 0.38.0)

PATH
  remote: ~/Desktop/Layer/open-source/cocoapods
  specs:
    cocoapods (0.38.2)
      activesupport (>= 3.2.15)
      claide (~> 0.9.1)
      cocoapods-core (= 0.38.2)
      cocoapods-downloader (~> 0.9.1)
      cocoapods-plugins (~> 0.4.2)
      cocoapods-stats (~> 0.5.3)
      cocoapods-trunk (~> 0.6.1)
      cocoapods-try (~> 0.4.5)
      colored (~> 1.2)
      escape (~> 0.0.4)
      molinillo (~> 0.3.1)
      nap (~> 0.8)
      xcodeproj (~> 0.26.3)

PATH
  remote: ~/Desktop/Layer/open-source/cocoapods-packager
  specs:
    cocoapods-packager (1.2.1)
      cocoapods (>= 0.37.0)

GEM
  remote: http://rubygems.org/
  specs:
    activesupport (4.2.3)
      i18n (~> 0.7)
      json (~> 1.7, >= 1.7.7)
      minitest (~> 5.1)
      thread_safe (~> 0.3, >= 0.3.4)
      tzinfo (~> 1.1)
    claide (0.9.1)
    cocoapods-core (0.38.2)
      activesupport (>= 3.2.15)
      fuzzy_match (~> 2.0.4)
      nap (~> 0.8.0)
    cocoapods-downloader (0.9.1)
    cocoapods-plugins (0.4.2)
      nap
    cocoapods-stats (0.5.3)
      nap (~> 0.8)
    cocoapods-trunk (0.6.1)
      nap (>= 0.8)
      netrc (= 0.7.8)
    cocoapods-try (0.4.5)
    colored (1.2)
    domain_name (0.5.24)
      unf (>= 0.0.5, < 1.0.0)
    escape (0.0.4)
    fuzzy_match (2.0.4)
    highline (1.6.21)
    http-cookie (1.0.2)
      domain_name (~> 0.5)
    i18n (0.7.0)
    json (1.8.3)
    mime-types (2.6.1)
    mini_portile (0.6.2)
    minitest (5.7.0)
    molinillo (0.3.1)
    nap (0.8.0)
    netrc (0.7.8)
    nokogiri (1.6.6.2)
      mini_portile (~> 0.6.0)
    rake (10.4.2)
    rest-client (1.8.0)
      http-cookie (>= 1.0.2, < 2.0)
      mime-types (>= 1.16, < 3.0)
      netrc (~> 0.7)
    slack-notifier (0.6.1)
    thread_safe (0.3.5)
    tzinfo (1.2.2)
      thread_safe (~> 0.1)
    unf (0.1.4)
      unf_ext
    unf_ext (0.0.7.1)
    xcodeproj (0.26.3)
      activesupport (>= 3)
      claide (~> 0.9.1)
      colored (~> 1.2)
    xcpretty (0.1.10)
    xctasks (0.6.0)
      nokogiri (~> 1.6, >= 1.6.3.1)
      rake (~> 10.0, >= 10.0.0)

PLATFORMS
  ruby

DEPENDENCIES
  bundler (~> 1.10.5)
  cocoapods!
  cocoapods-packager!
  cocoapods-rome!
  highline (~> 1.6.21)
  rake (~> 10.4.2)
  rest-client
  slack-notifier (~> 0.6.0)
  xcpretty (~> 0.1.6)
  xctasks (~> 0.6.0)

BUNDLED WITH
   1.10.6
